GEM
  remote: https://rubygems.org/
  specs:
    faraday (2.12.2)
      faraday-net_http (>= 2.0, < 3.5)
      json
      logger
    faraday-net_http (3.4.0)
      net-http (>= 0.5.0)
    faraday-retry (2.2.1)
      faraday (~> 2.0)
    json (2.9.1)
    logger (1.6.4)
    net-http (0.6.0)
      uri
    uri (1.0.2)

PLATFORMS
  x64-mingw-ucrt

DEPENDENCIES
  faraday-retry

BUNDLED WITH
   2.6.2
